PATH
  remote: .
  specs:
    github-repo-stats (0.0.1)
      github-lister-core (~> 0.1)
      parallel (~> 1.2)
      rainbow (~> 3)
      terminal-table (~> 3)

GEM
  remote: https://rubygems.org/
  specs:
    addressable (2.8.0)
      public_suffix (>= 2.0.2, < 5.0)
    diff-lcs (1.5.0)
    faraday (2.3.0)
      faraday-net_http (~> 2.0)
      ruby2_keywords (>= 0.0.4)
    faraday-net_http (2.0.3)
    github-lister-core (0.1.6)
      octokit (~> 4)
      parallel (~> 1.2)
    octokit (4.25.0)
      faraday (>= 1, < 3)
      sawyer (~> 0.9)
    parallel (1.22.1)
    public_suffix (4.0.7)
    rainbow (3.1.1)
    rake (12.3.3)
    rspec (3.11.0)
      rspec-core (~> 3.11.0)
      rspec-expectations (~> 3.11.0)
      rspec-mocks (~> 3.11.0)
    rspec-core (3.11.0)
      rspec-support (~> 3.11.0)
    rspec-expectations (3.11.0)
      diff-lcs (>= 1.2.0, < 2.0)
      rspec-support (~> 3.11.0)
    rspec-mocks (3.11.1)
      diff-lcs (>= 1.2.0, < 2.0)
      rspec-support (~> 3.11.0)
    rspec-support (3.11.0)
    ruby2_keywords (0.0.5)
    sawyer (0.9.2)
      addressable (>= 2.3.5)
      faraday (>= 0.17.3, < 3)
    terminal-table (3.0.2)
      unicode-display_width (>= 1.1.1, < 3)
    unicode-display_width (2.1.0)

PLATFORMS
  x86_64-darwin-21
  x86_64-linux

DEPENDENCIES
  bundler (~> 2)
  github-lister-core (~> 0.1)
  github-repo-stats!
  parallel (~> 1.2)
  rainbow (~> 3)
  rake (~> 12.3.3)
  rspec (~> 3.0)
  terminal-table (~> 3)

BUNDLED WITH
   2.3.7
